GEM
  remote: https://rubygems.org/
  specs:
    calendarium-romanum (0.6.0)
      i18n (~> 0.6)
      roman-numerals (~> 0.3)
      thor (~> 0.18)
    concurrent-ruby (1.1.5)
    gly (0.0.4)
      thor (~> 0)
    i18n (0.9.5)
      concurrent-ruby (~> 1.0)
    roman-numerals (0.3.0)
    thor (0.20.3)

PLATFORMS
  ruby

DEPENDENCIES
  calendarium-romanum
  gly

BUNDLED WITH
   2.1.2
